PATH
  remote: .
  specs:
    rulers (0.0.2)
      erubis
      multi_json
      rack (~> 2.2.3)
      sqlite3

GEM
  remote: https://rubygems.org/
  specs:
    erubis (2.7.0)
    minitest (5.14.4)
    multi_json (1.15.0)
    rack (2.2.3)
    rack-test (1.1.0)
      rack (>= 1.0, < 3)
    rake (13.0.6)
    sqlite3 (1.4.2)

PLATFORMS
  x86_64-darwin-19

DEPENDENCIES
  minitest
  rack-test
  rake (~> 13.0)
  rulers!

BUNDLED WITH
   2.2.24
